GEM
  remote: https://rubygems.org/
  specs:
    aimastering (1.0.0)
      json (~> 2.1, >= 2.1.0)
      typhoeus (~> 1.0, >= 1.0.1)
    ast (2.4.0)
    ethon (0.11.0)
      ffi (>= 1.3.0)
    ffi (1.9.25)
    jaro_winkler (1.5.1)
    json (2.1.0)
    parallel (1.12.1)
    parser (2.5.1.2)
      ast (~> 2.4.0)
    powerpack (0.1.2)
    rainbow (3.0.0)
    rubocop (0.58.2)
      jaro_winkler (~> 1.5.1)
      parallel (~> 1.10)
      parser (>= 2.5, != 2.5.1.1)
      powerpack (~> 0.1)
      rainbow (>= 2.2.2, < 4.0)
      ruby-progressbar (~> 1.7)
      unicode-display_width (~> 1.0, >= 1.0.1)
    ruby-progressbar (1.10.0)
    typhoeus (1.3.0)
      ethon (>= 0.9.0)
    unicode-display_width (1.4.0)

PLATFORMS
  ruby

DEPENDENCIES
  aimastering
  rubocop

BUNDLED WITH
   1.16.4
